GEM
  remote: https://rubygems.org/
  specs:
    coderay (1.1.2)
    daemons (1.3.1)
    eventmachine (1.2.7)
    foreman (0.85.0)
      thor (~> 0.19.1)
    httparty (0.16.4)
      mime-types (~> 3.0)
      multi_xml (>= 0.5.2)
    kgio (2.11.2)
    memoist (0.16.0)
    method_source (0.9.2)
    mime-types (3.2.2)
      mime-types-data (~> 3.2015)
    mime-types-data (3.2018.0812)
    multi_xml (0.6.0)
    oj (3.7.9)
    pry (0.12.2)
      coderay (~> 1.1.0)
      method_source (~> 0.9.0)
    rack (1.6.11)
    rack-protection (1.5.5)
      rack
    raindrops (0.19.0)
    rake (12.3.2)
    sinatra (1.4.8)
      rack (~> 1.5)
      rack-protection (~> 1.4)
      tilt (>= 1.3, < 3)
    sinatra-cross_origin (0.3.2)
    sinatra-session (1.0.0)
      sinatra (>= 1.0)
    slim (4.0.1)
      temple (>= 0.7.6, < 0.9)
      tilt (>= 2.0.6, < 2.1)
    temple (0.8.0)
    thin (1.7.2)
      daemons (~> 1.0, >= 1.0.9)
      eventmachine (~> 1.0, >= 1.0.4)
      rack (>= 1, < 3)
    thor (0.19.4)
    tilt (2.0.9)
    unicorn (5.4.1)
      kgio (~> 2.6)
      raindrops (~> 0.7)

PLATFORMS
  ruby

DEPENDENCIES
  foreman
  httparty
  memoist
  oj
  pry
  rack (~> 1.6.0)
  rack-protection (~> 1.5.5)
  rake
  sinatra (~> 1.4.5)
  sinatra-cross_origin (~> 0.3.1)
  sinatra-session
  slim
  thin
  unicorn

RUBY VERSION
   ruby 2.6.0p0

BUNDLED WITH
   1.17.2
